GEM
  remote: https://rubygems.org/
  specs:
    addressable (2.5.2)
      public_suffix (>= 2.0.2, < 4.0)
    colorator (1.1.0)
    crass (1.0.2)
    ffi (1.9.18)
    forwardable-extended (2.6.0)
    jekyll (3.6.2)
      addressable (~> 2.4)
      colorator (~> 1.0)
      jekyll-sass-converter (~> 1.0)
      jekyll-watch (~> 1.1)
      kramdown (~> 1.14)
      liquid (~> 4.0)
      mercenary (~> 0.3.3)
      pathutil (~> 0.9)
      rouge (>= 1.7, < 3)
      safe_yaml (~> 1.0)
    jekyll-sass-converter (1.5.0)
      sass (~> 3.4)
    jekyll-watch (1.5.0)
      listen (~> 3.0, < 3.1)
    json (2.1.0)
    kgio (2.11.0)
    kramdown (1.15.0)
    lanyon (0.4.0)
      jekyll (>= 2.0, < 4.0)
      rack (>= 1.6, < 3.0)
    liquid (4.0.0)
    listen (3.0.8)
      rb-fsevent (~> 0.9, >= 0.9.4)
      rb-inotify (~> 0.9, >= 0.9.7)
    mercenary (0.3.6)
    mini_portile2 (2.3.0)
    nokogiri (1.8.1)
      mini_portile2 (~> 2.3.0)
    paint (1.0.1)
    pathutil (0.16.0)
      forwardable-extended (~> 2.6)
    public_suffix (3.0.0)
    rack (2.2.8.1)
    rack-protection (2.0.0)
      rack
    rack-rewrite (1.5.1)
    rack-ssl (1.4.1)
      rack
    raindrops (0.19.0)
    rake (12.1.0)
    rb-fsevent (0.10.2)
    rb-inotify (0.9.10)
      ffi (>= 0.5.0, < 2)
    rouge (1.11.1)
    safe_yaml (1.0.4)
    sass (3.5.2)
      sass-listen (~> 4.0.0)
    sass-listen (4.0.0)
      rb-fsevent (~> 0.9, >= 0.9.4)
      rb-inotify (~> 0.9, >= 0.9.7)
    slop (4.6.0)
    spidr (0.6.0)
      nokogiri (~> 1.3)
    tidy_ffi (0.1.6)
      ffi (~> 1.2)
    unicorn (5.3.1)
      kgio (~> 2.6)
      raindrops (~> 0.7)
    validate-website (1.8.0)
      crass (~> 1)
      paint (~> 1)
      slop (~> 4.2)
      spidr (~> 0.6)
      tidy_ffi (~> 0.1)
      w3c_validators (~> 1.3)
    w3c_validators (1.3.3)
      json (>= 1.8)
      nokogiri (~> 1.6)

PLATFORMS
  ruby

DEPENDENCIES
  jekyll (~> 3.0)
  lanyon (~> 0.4.0)
  rack-protection
  rack-rewrite
  rack-ssl
  rake
  rouge (~> 1.10)
  spidr (~> 0.6)
  unicorn
  validate-website (~> 1.6)

RUBY VERSION
   ruby 2.4.2p198

BUNDLED WITH
   1.15.4
